GEM
  remote: https://rubygems.org/
  specs:
    addressable (2.5.2)
      public_suffix (>= 2.0.2, < 4.0)
    aws-sdk (2.11.171)
      aws-sdk-resources (= 2.11.171)
    aws-sdk-core (2.11.171)
      aws-sigv4 (~> 1.0)
      jmespath (~> 1.0)
    aws-sdk-resources (2.11.171)
      aws-sdk-core (= 2.11.171)
    aws-sigv4 (1.0.3)
    azure_graph_rbac (0.17.0)
      ms_rest_azure (~> 0.11.0)
    azure_mgmt_key_vault (0.17.2)
      ms_rest_azure (~> 0.11.0)
    azure_mgmt_resources (0.17.2)
      ms_rest_azure (~> 0.11.0)
    berkshelf (7.0.6)
      chef (>= 13.6.52)
      chef-config
      cleanroom (~> 1.0)
      concurrent-ruby (~> 1.0)
      minitar (>= 0.6)
      mixlib-archive (~> 0.4)
      mixlib-config (>= 2.2.5)
      mixlib-shellout (~> 2.0)
      octokit (~> 4.0)
      retryable (~> 2.0)
      solve (~> 4.0)
      thor (>= 0.20)
    builder (3.2.3)
    chef (14.7.17)
      addressable
      bundler (>= 1.10)
      chef-config (= 14.7.17)
      chef-zero (>= 13.0)
      diff-lcs (~> 1.2, >= 1.2.4)
      erubis (~> 2.7)
      ffi (~> 1.9, >= 1.9.25)
      ffi-yajl (~> 2.2)
      highline (~> 1.6, >= 1.6.9)
      iniparse (~> 1.4)
      mixlib-archive (~> 0.4)
      mixlib-authentication (~> 2.1)
      mixlib-cli (~> 1.7)
      mixlib-log (~> 2.0, >= 2.0.3)
      mixlib-shellout (~> 2.4)
      net-sftp (~> 2.1, >= 2.1.2)
      net-ssh (~> 4.2)
      net-ssh-multi (~> 1.2, >= 1.2.1)
      ohai (~> 14.0)
      plist (~> 3.2)
      proxifier (~> 1.0)
      rspec-core (~> 3.5)
      rspec-expectations (~> 3.5)
      rspec-mocks (~> 3.5)
      rspec_junit_formatter (~> 0.2.0)
      serverspec (~> 2.7)
      specinfra (~> 2.10)
      syslog-logger (~> 1.6)
      uuidtools (~> 2.1.5)
    chef-config (14.7.17)
      addressable
      fuzzyurl
      mixlib-config (>= 2.2.12, < 3.0)
      mixlib-shellout (~> 2.0)
      tomlrb (~> 1.2)
    chef-zero (14.0.11)
      ffi-yajl (~> 2.2)
      hashie (>= 2.0, < 4.0)
      mixlib-log (~> 2.0)
      rack (~> 2.0, >= 2.0.6)
      uuidtools (~> 2.1)
    cleanroom (1.0.0)
    coderay (1.1.2)
    concurrent-ruby (1.1.3)
    declarative (0.0.10)
    declarative-option (0.1.0)
    diff-lcs (1.3)
    docker-api (1.34.2)
      excon (>= 0.47.0)
      multi_json
    domain_name (0.5.20180417)
      unf (>= 0.0.5, < 1.0.0)
    erubis (2.7.0)
    excon (0.62.0)
    faraday (0.15.3)
      multipart-post (>= 1.2, < 3)
    faraday-cookie_jar (0.0.6)
      faraday (>= 0.7.4)
      http-cookie (~> 1.0.0)
    faraday_middleware (0.12.2)
      faraday (>= 0.7.4, < 1.0)
    ffi (1.9.25)
    ffi-yajl (2.3.1)
      libyajl2 (~> 1.2)
    fuzzyurl (0.9.0)
    google-api-client (0.23.9)
      addressable (~> 2.5, >= 2.5.1)
      googleauth (>= 0.5, < 0.7.0)
      httpclient (>= 2.8.1, < 3.0)
      mime-types (~> 3.0)
      representable (~> 3.0)
      retriable (>= 2.0, < 4.0)
      signet (~> 0.9)
    googleauth (0.6.7)
      faraday (~> 0.12)
      jwt (>= 1.4, < 3.0)
      memoist (~> 0.16)
      multi_json (~> 1.11)
      os (>= 0.9, < 2.0)
      signet (~> 0.7)
    gssapi (1.2.0)
      ffi (>= 1.0.1)
    gyoku (1.3.1)
      builder (>= 2.1.2)
    hashie (3.6.0)
    highline (1.7.10)
    htmlentities (4.3.4)
    http-cookie (1.0.3)
      domain_name (~> 0.5)
    httpclient (2.8.3)
    inifile (3.0.0)
    iniparse (1.4.4)
    inspec (3.0.52)
      addressable (~> 2.4)
      faraday (>= 0.9.0)
      faraday_middleware (~> 0.12.2)
      hashie (~> 3.4)
      htmlentities
      json (>= 1.8, < 3.0)
      method_source (~> 0.8)
      mixlib-log
      multipart-post
      parallel (~> 1.9)
      parslet (~> 1.5)
      pry (~> 0)
      rspec (~> 3)
      rspec-its (~> 1.2)
      rubyzip (~> 1.2, >= 1.2.2)
      semverse
      sslshake (~> 1.2)
      term-ansicolor
      thor (~> 0.20)
      tomlrb (~> 1.2)
      train (~> 1.5, >= 1.5.6)
    ipaddress (0.8.3)
    jmespath (1.4.0)
    json (2.1.0)
    jwt (2.1.0)
    kitchen-docker (2.7.0)
      test-kitchen (>= 1.0.0)
    kitchen-inspec (0.25.0)
      hashie (~> 3.4)
      inspec (>= 0.34.0, < 4.0.0)
      test-kitchen (~> 1.6)
    kitchen-vagrant (1.3.6)
      test-kitchen (~> 1.4)
    libyajl2 (1.2.0)
    little-plugger (1.1.4)
    logging (2.2.2)
      little-plugger (~> 1.1)
      multi_json (~> 1.10)
    memoist (0.16.0)
    method_source (0.9.2)
    mime-types (3.2.2)
      mime-types-data (~> 3.2015)
    mime-types-data (3.2018.0812)
    minitar (0.7)
    mixlib-archive (0.4.18)
      mixlib-log
    mixlib-authentication (2.1.1)
    mixlib-cli (1.7.0)
    mixlib-config (2.2.13)
      tomlrb
    mixlib-install (3.11.5)
      mixlib-shellout
      mixlib-versioning
      thor
    mixlib-log (2.0.4)
    mixlib-shellout (2.4.0)
    mixlib-versioning (1.2.2)
    molinillo (0.6.6)
    ms_rest (0.7.3)
      concurrent-ruby (~> 1.0)
      faraday (~> 0.9)
      timeliness (~> 0.3)
    ms_rest_azure (0.11.0)
      concurrent-ruby (~> 1.0)
      faraday (~> 0.9)
      faraday-cookie_jar (~> 0.0.6)
      ms_rest (~> 0.7.2)
    multi_json (1.13.1)
    multipart-post (2.0.0)
    net-scp (1.2.1)
      net-ssh (>= 2.6.5)
    net-sftp (2.1.2)
      net-ssh (>= 2.6.5)
    net-ssh (4.2.0)
    net-ssh-gateway (1.3.0)
      net-ssh (>= 2.6.5)
    net-ssh-multi (1.2.1)
      net-ssh (>= 2.6.5)
      net-ssh-gateway (>= 1.2.0)
    net-telnet (0.1.1)
    nori (2.6.0)
    octokit (4.13.0)
      sawyer (~> 0.8.0, >= 0.5.3)
    ohai (14.6.2)
      chef-config (>= 12.8, < 15)
      ffi (~> 1.9)
      ffi-yajl (~> 2.2)
      ipaddress
      mixlib-cli (>= 1.7.0)
      mixlib-config (~> 2.0)
      mixlib-log (~> 2.0, >= 2.0.1)
      mixlib-shellout (~> 2.0)
      plist (~> 3.1)
      systemu (~> 2.6.4)
      wmi-lite (~> 1.0)
    os (1.0.0)
    parallel (1.12.1)
    parslet (1.8.2)
    plist (3.4.0)
    proxifier (1.0.3)
    pry (0.12.2)
      coderay (~> 1.1.0)
      method_source (~> 0.9.0)
    public_suffix (3.0.3)
    rack (2.0.6)
    representable (3.0.4)
      declarative (< 0.1.0)
      declarative-option (< 0.2.0)
      uber (< 0.2.0)
    retriable (3.1.2)
    retryable (2.0.4)
    rspec (3.8.0)
      rspec-core (~> 3.8.0)
      rspec-expectations (~> 3.8.0)
      rspec-mocks (~> 3.8.0)
    rspec-core (3.8.0)
      rspec-support (~> 3.8.0)
    rspec-expectations (3.8.2)
      diff-lcs (>= 1.2.0, < 2.0)
      rspec-support (~> 3.8.0)
    rspec-its (1.2.0)
      rspec-core (>= 3.0.0)
      rspec-expectations (>= 3.0.0)
    rspec-mocks (3.8.0)
      diff-lcs (>= 1.2.0, < 2.0)
      rspec-support (~> 3.8.0)
    rspec-support (3.8.0)
    rspec_junit_formatter (0.2.3)
      builder (< 4)
      rspec-core (>= 2, < 4, != 2.12.0)
    rubyntlm (0.6.2)
    rubyzip (1.2.2)
    sawyer (0.8.1)
      addressable (>= 2.3.5, < 2.6)
      faraday (~> 0.8, < 1.0)
    semverse (2.0.0)
    serverspec (2.41.3)
      multi_json
      rspec (~> 3.0)
      rspec-its
      specinfra (~> 2.72)
    sfl (2.3)
    signet (0.11.0)
      addressable (~> 2.3)
      faraday (~> 0.9)
      jwt (>= 1.5, < 3.0)
      multi_json (~> 1.10)
    solve (4.0.0)
      molinillo (~> 0.6)
      semverse (>= 1.1, < 3.0)
    specinfra (2.76.3)
      net-scp
      net-ssh (>= 2.7)
      net-telnet (= 0.1.1)
      sfl
    sslshake (1.2.0)
    syslog-logger (1.6.8)
    systemu (2.6.5)
    term-ansicolor (1.7.0)
      tins (~> 1.0)
    test-kitchen (1.23.2)
      mixlib-install (~> 3.6)
      mixlib-shellout (>= 1.2, < 3.0)
      net-scp (~> 1.1)
      net-ssh (>= 2.9, < 5.0)
      net-ssh-gateway (~> 1.2)
      thor (~> 0.19)
      winrm (~> 2.0)
      winrm-elevated (~> 1.0)
      winrm-fs (~> 1.1)
    thor (0.20.3)
    timeliness (0.3.8)
    tins (1.20.2)
    tomlrb (1.2.7)
    train (1.5.6)
      aws-sdk (~> 2)
      azure_graph_rbac (~> 0.16)
      azure_mgmt_key_vault (~> 0.17)
      azure_mgmt_resources (~> 0.15)
      docker-api (~> 1.26)
      google-api-client (~> 0.23.9)
      googleauth (~> 0.6.6)
      inifile
      json (>= 1.8, < 3.0)
      mixlib-shellout (~> 2.0)
      net-scp (~> 1.2)
      net-ssh (>= 2.9, < 6.0)
      winrm (~> 2.0)
      winrm-fs (~> 1.0)
    uber (0.1.0)
    unf (0.1.4)
      unf_ext
    unf_ext (0.0.7.5)
    uuidtools (2.1.5)
    winrm (2.3.0)
      builder (>= 2.1.2)
      erubis (~> 2.7)
      gssapi (~> 1.2)
      gyoku (~> 1.0)
      httpclient (~> 2.2, >= 2.2.0.2)
      logging (>= 1.6.1, < 3.0)
      nori (~> 2.0)
      rubyntlm (~> 0.6.0, >= 0.6.1)
    winrm-elevated (1.1.0)
      winrm (~> 2.0)
      winrm-fs (~> 1.0)
    winrm-fs (1.3.1)
      erubis (~> 2.7)
      logging (>= 1.6.1, < 3.0)
      rubyzip (~> 1.1)
      winrm (~> 2.0)
    wmi-lite (1.0.0)

PLATFORMS
  ruby

DEPENDENCIES
  berkshelf
  kitchen-docker
  kitchen-inspec
  kitchen-vagrant
  test-kitchen

BUNDLED WITH
   1.17.1
